PATH
  remote: .
  specs:
    table_saw (2.8.1)
      activerecord (>= 5.2)
      debug
      memory_profiler
      pg
      ruby-prof
      thor

GEM
  remote: https://rubygems.org/
  specs:
    actionpack (7.0.4.2)
      actionview (= 7.0.4.2)
      activesupport (= 7.0.4.2)
      rack (~> 2.0, >= 2.2.0)
      rack-test (>= 0.6.3)
      rails-dom-testing (~> 2.0)
      rails-html-sanitizer (~> 1.0, >= 1.2.0)
    actionview (7.0.4.2)
      activesupport (= 7.0.4.2)
      builder (~> 3.1)
      erubi (~> 1.4)
      rails-dom-testing (~> 2.0)
      rails-html-sanitizer (~> 1.1, >= 1.2.0)
    activemodel (7.0.4.2)
      activesupport (= 7.0.4.2)
    activerecord (7.0.4.2)
      activemodel (= 7.0.4.2)
      activesupport (= 7.0.4.2)
    activesupport (7.0.4.2)
      concurrent-ruby (~> 1.0, >= 1.0.2)
      i18n (>= 1.6, < 2)
      minitest (>= 5.1)
      tzinfo (~> 2.0)
    appraisal (2.4.1)
      bundler
      rake
      thor (>= 0.14.0)
    ast (2.4.2)
    builder (3.2.4)
    coderay (1.1.3)
    combustion (1.3.7)
      activesupport (>= 3.0.0)
      railties (>= 3.0.0)
      thor (>= 0.14.6)
    concurrent-ruby (1.2.0)
    crass (1.0.6)
    database_cleaner (1.99.0)
    debug (1.7.1)
      irb (>= 1.5.0)
      reline (>= 0.3.1)
    diff-lcs (1.5.0)
    docile (1.4.0)
    erubi (1.12.0)
    i18n (1.12.0)
      concurrent-ruby (~> 1.0)
    io-console (0.6.0)
    irb (1.6.2)
      reline (>= 0.3.0)
    loofah (2.19.1)
      crass (~> 1.0.2)
      nokogiri (>= 1.5.9)
    memory_profiler (1.0.1)
    method_source (1.0.0)
    minitest (5.17.0)
    nokogiri (1.14.1-x86_64-darwin)
      racc (~> 1.4)
    parallel (1.22.1)
    parser (3.2.0.0)
      ast (~> 2.4.1)
    pg (1.4.5)
    pry (0.14.2)
      coderay (~> 1.1)
      method_source (~> 1.0)
    racc (1.6.2)
    rack (2.2.6.2)
    rack-test (2.0.2)
      rack (>= 1.3)
    rails-dom-testing (2.0.3)
      activesupport (>= 4.2.0)
      nokogiri (>= 1.6)
    rails-html-sanitizer (1.5.0)
      loofah (~> 2.19, >= 2.19.1)
    railties (7.0.4.2)
      actionpack (= 7.0.4.2)
      activesupport (= 7.0.4.2)
      method_source
      rake (>= 12.2)
      thor (~> 1.0)
      zeitwerk (~> 2.5)
    rainbow (3.1.1)
    rake (13.0.6)
    regexp_parser (2.6.2)
    reline (0.3.2)
      io-console (~> 0.5)
    rexml (3.2.5)
    rspec (3.12.0)
      rspec-core (~> 3.12.0)
      rspec-expectations (~> 3.12.0)
      rspec-mocks (~> 3.12.0)
    rspec-core (3.12.1)
      rspec-support (~> 3.12.0)
    rspec-expectations (3.12.2)
      diff-lcs (>= 1.2.0, < 2.0)
      rspec-support (~> 3.12.0)
    rspec-mocks (3.12.3)
      diff-lcs (>= 1.2.0, < 2.0)
      rspec-support (~> 3.12.0)
    rspec-support (3.12.0)
    rubocop (0.93.1)
      parallel (~> 1.10)
      parser (>= 2.7.1.5)
      rainbow (>= 2.2.2, < 4.0)
      regexp_parser (>= 1.8)
      rexml
      rubocop-ast (>= 0.6.0)
      ruby-progressbar (~> 1.7)
      unicode-display_width (>= 1.4.0, < 2.0)
    rubocop-ast (1.24.1)
      parser (>= 3.1.1.0)
    rubocop-rspec (1.44.1)
      rubocop (~> 0.87)
      rubocop-ast (>= 0.7.1)
    ruby-prof (1.5.0)
    ruby-progressbar (1.11.0)
    scenic (1.7.0)
      activerecord (>= 4.0.0)
      railties (>= 4.0.0)
    simplecov (0.22.0)
      docile (~> 1.1)
      simplecov-html (~> 0.11)
      simplecov_json_formatter (~> 0.1)
    simplecov-html (0.12.3)
    simplecov_json_formatter (0.1.4)
    thor (1.2.1)
    tzinfo (2.0.6)
      concurrent-ruby (~> 1.0)
    unicode-display_width (1.8.0)
    zeitwerk (2.6.6)

PLATFORMS
  x86_64-darwin-21

DEPENDENCIES
  appraisal
  bundler (~> 2.0)
  combustion (~> 1.3)
  database_cleaner (~> 1.7)
  debug
  memory_profiler
  pry
  rake (~> 13.0)
  rspec (~> 3.0)
  rubocop-rspec (~> 1.33)
  ruby-prof
  scenic (~> 1.5)
  simplecov (~> 0.16)
  table_saw!

BUNDLED WITH
   2.3.11
